GEM
  remote: http://gems.rubyforge.org/
  specs:
    actionmailer (2.3.5)
      actionpack (= 2.3.5)
    actionpack (2.3.5)
      activesupport (= 2.3.5)
      rack (~> 1.0.0)
    activerecord (2.3.5)
      activesupport (= 2.3.5)
    activeresource (2.3.5)
      activesupport (= 2.3.5)
    activesupport (2.3.5)
    bson (1.0)
    bson_ext (1.0.1)
    hashie (0.2.0)
    jnunemaker-validatable (1.8.4)
      activesupport (>= 2.3.4)
    json (1.4.3)
    linkscape (0.2.6)
      ruby-hmac
    mongo (1.0)
      bson (= 1.0)
    mongo_mapper (0.7.6)
      activesupport (>= 2.3.4)
      jnunemaker-validatable (= 1.8.4)
      mongo (= 1.0)
      plucky (= 0.1.1)
    plucky (0.1.1)
      mongo (= 1.0)
    rack (1.0.1)
    rails (2.3.5)
      actionmailer (= 2.3.5)
      actionpack (= 2.3.5)
      activerecord (= 2.3.5)
      activeresource (= 2.3.5)
      activesupport (= 2.3.5)
      rake (>= 0.8.3)
    rake (0.8.7)
    ruby-hmac (0.4.0)

PLATFORMS
  ruby

DEPENDENCIES
  bson_ext (= 1.0.1)
  hashie (= 0.2.0)
  json (= 1.4.3)
  linkscape (= 0.2.6)
  mongo (= 1.0.0)
  mongo_mapper (= 0.7.6)
  rails (= 2.3.5)
